PATH
  remote: .
  specs:
    wifi_event (0.0.1)

GEM
  remote: http://rubygems.org/
  specs:
    diff-lcs (1.2.1)
    rspec (2.13.0)
      rspec-core (~> 2.13.0)
      rspec-expectations (~> 2.13.0)
      rspec-mocks (~> 2.13.0)
    rspec-core (2.13.0)
    rspec-expectations (2.13.0)
      diff-lcs (>= 1.1.3, < 2.0)
    rspec-mocks (2.13.0)
    thor (0.17.0)

PLATFORMS
  ruby

DEPENDENCIES
  rspec
  thor
  wifi_event!
